GEM
  remote: https://rubygems.org/
  specs:
    activesupport (7.0.3.1)
      concurrent-ruby (~> 1.0, >= 1.0.2)
      i18n (>= 1.6, < 2)
      minitest (>= 5.1)
      tzinfo (~> 2.0)
    concurrent-ruby (1.1.10)
    i18n (1.12.0)
      concurrent-ruby (~> 1.0)
    minitest (5.16.2)
    nio4r (2.5.8)
    puma (4.3.12)
      nio4r (~> 2.0)
    rack (2.1.4)
    rack-unreloader (1.7.0)
    tzinfo (2.0.4)
      concurrent-ruby (~> 1.0)
    utf8-cleaner (1.0.0)
      activesupport

PLATFORMS
  ruby

DEPENDENCIES
  puma
  rack
  rack-unreloader
  utf8-cleaner

BUNDLED WITH
   2.3.17
